GEM
  remote: https://rubygems.org/
  specs:
    artifactory (2.3.3)
    busser (0.7.1)
      thor (<= 0.19.0)
    busser-bats (0.3.0)
      busser
    kitchen (0.0.3)
    kitchen-ansible (0.45.4)
      net-ssh (~> 3.0)
      test-kitchen (~> 1.4)
    kitchen-docker (2.5.0)
      test-kitchen (>= 1.0.0)
    kitchen-vagrant (0.20.0)
      test-kitchen (~> 1.4)
    mixlib-install (1.1.0)
      artifactory
      mixlib-shellout
      mixlib-versioning
    mixlib-shellout (2.2.7)
    mixlib-versioning (1.1.0)
    net-scp (1.2.1)
      net-ssh (>= 2.6.5)
    net-ssh (3.2.0)
    net-ssh-gateway (1.2.0)
      net-ssh (>= 2.6.5)
    safe_yaml (1.0.4)
    test-kitchen (1.12.0)
      mixlib-install (~> 1.0, >= 1.0.4)
      mixlib-shellout (>= 1.2, < 3.0)
      net-scp (~> 1.1)
      net-ssh (>= 2.9, < 4.0)
      net-ssh-gateway (~> 1.2.0)
      safe_yaml (~> 1.0)
      thor (~> 0.18)
    thor (0.19.0)
    vagrant-wrapper (2.0.3)

PLATFORMS
  ruby

DEPENDENCIES
  busser-bats
  kitchen
  kitchen-ansible
  kitchen-docker
  kitchen-vagrant
  test-kitchen
  vagrant-wrapper

BUNDLED WITH
   1.12.5
